GEM
  remote: https://rubygems.org/
  specs:
    tapp (1.5.0)
      thor
    thor (0.19.1)

PLATFORMS
  ruby

DEPENDENCIES
  tapp

BUNDLED WITH
   1.10.6
